{
	"TaskName": "ssvep",
	"Manufacturer": "Compumedics Neuroscan",
	"PowerLineFrequency": 50.0,
	"SamplingFrequency": 250.0,
	"SoftwareFilters": {
		"preprocessing_steps": {
			"Description": "Epoch extraction according to stimulus onsets from event channel, Downsampling from 1000 Hz to 250 Hz, No digital filters applied in preprocessing"
		}
	},
	"RecordingDuration": 1535.996,
	"RecordingType": "continuous",
	"EEGReference": "Cz",
	"EEGGround": "n/a",
	"EEGPlacementScheme": "10-05 system",
	"EEGChannelCount": 64,
	"EOGChannelCount": 0,
	"ECGChannelCount": 0,
	"EMGChannelCount": 0,
	"TriggerChannelCount": 0,
	"ManufacturersModelName": "Synamps2 EEG system (Neuroscan, Inc.)",
	"HardwareFilters": {
		"HardwareFilter": {
			"bandpass": [
				0.15,
				200
			],
			"notch": 50
		}
	},
	"TaskDescription": "Cue-guided target selecting task using a 40-target BCI speller with joint frequency and phase modulation (JFPM) approach Trial duration: 6.0s, cue: 0.5s, stimulus frequencies: [8.0, 8.2, 8.4, 8.6, 8.8, 9.0, 9.2, 9.4, 9.6, 9.8, 10.0, 10.2, 10.4, 10.6, 10.8, 11.0, 11.2, 11.4, 11.6, 11.8, 12.0, 12.2, 12.4, 12.6, 12.8, 13.0, 13.2, 13.4, 13.6, 13.8, 14.0, 14.2, 14.4, 14.6, 14.8, 15.0, 15.2, 15.4, 15.6, 15.8] Hz.",
	"Instructions": "Subjects were asked to shift their gaze to the target as soon as possible after cue and avoid eye blinks during the 5-s stimulation duration",
	"InstitutionName": "Tsinghua University",
	"InstitutionAddress": "Beijing, China",
	"InstitutionalDepartmentName": "Department of Biomedical Engineering, Tsinghua University",
	"CapManufacturer": "n/a",
	"CapManufacturersModelName": "n/a",
	"SubjectArtefactDescription": "Impedance kept below 10 kOhm",
	"DeviceSerialNumber": "n/a",
	"Description": "A benchmark SSVEP dataset acquired with a 40-target BCI speller using joint frequency and phase modulation (JFPM) approach",
	"MISCChannelCount": 0
}